GIT
  remote: git://github.com/ABCanG/mysql2-client-general_log.git
  revision: b56b2b2d65341e73049c02751ca44a6c6fdb1dd5
  branch: writefile
  specs:
    mysql2-client-general_log (0.2.1)
      mysql2

GEM
  remote: https://rubygems.org/
  specs:
    backports (3.6.8)
    dotenv (2.1.1)
    kgio (2.10.0)
    multi_json (1.12.1)
    mysql2 (0.4.4)
    rack (1.6.4)
    rack-protection (1.5.3)
      rack
    rack-test (0.6.3)
      rack (>= 1.0)
    raindrops (0.17.0)
    sinatra (1.4.7)
      rack (~> 1.5)
      rack-protection (~> 1.4)
      tilt (>= 1.3, < 3)
    sinatra-contrib (1.4.7)
      backports (>= 2.0)
      multi_json
      rack-protection
      rack-test
      sinatra (~> 1.4.0)
      tilt (>= 1.3, < 3)
    stackprof (0.2.10)
    tilt (2.0.5)
    unicorn (5.1.0)
      kgio (~> 2.6)
      raindrops (~> 0.7)

PLATFORMS
  ruby

DEPENDENCIES
  dotenv
  mysql2
  mysql2-client-general_log!
  sinatra
  sinatra-contrib
  stackprof
  unicorn

BUNDLED WITH
   1.13.6
