GIT
  remote: git://github.com/ABCanG/mysql2-client-general_log.git
  revision: 2de4d608e4daeacea4adedf7ec01c0445380e480
  branch: writefile
  specs:
    mysql2-client-general_log (0.2.1)
      mysql2

GEM
  remote: https://rubygems.org/
  specs:
    backports (3.6.8)
    daemons (1.2.4)
    dotenv (2.1.1)
    eventmachine (1.2.0.1)
    multi_json (1.12.1)
    mysql2 (0.4.4)
    rack (1.6.4)
    rack-protection (1.5.3)
      rack
    rack-test (0.6.3)
      rack (>= 1.0)
    redis (3.3.1)
    sinatra (1.4.7)
      rack (~> 1.5)
      rack-protection (~> 1.4)
      tilt (>= 1.3, < 3)
    sinatra-contrib (1.4.7)
      backports (>= 2.0)
      multi_json
      rack-protection
      rack-test
      sinatra (~> 1.4.0)
      tilt (>= 1.3, < 3)
    stackprof (0.2.10)
    thin (1.7.0)
      daemons (~> 1.0, >= 1.0.9)
      eventmachine (~> 1.0, >= 1.0.4)
      rack (>= 1, < 3)
    tilt (2.0.5)

PLATFORMS
  ruby

DEPENDENCIES
  dotenv
  mysql2
  mysql2-client-general_log!
  redis
  sinatra
  sinatra-contrib
  stackprof
  thin

BUNDLED WITH
   1.13.5
